{
	"TaskName": "p300",
	"Manufacturer": "Brain Products",
	"PowerLineFrequency": 50.0,
	"SamplingFrequency": 1000.0,
	"SoftwareFilters": "n/a",
	"RecordingDuration": 441.039,
	"RecordingType": "continuous",
	"EEGReference": "right mastoid",
	"EEGGround": "left mastoid",
	"EEGPlacementScheme": "10-20 system",
	"EEGChannelCount": 64,
	"EOGChannelCount": 0,
	"ECGChannelCount": 0,
	"EMGChannelCount": 0,
	"TriggerChannelCount": 0,
	"ManufacturersModelName": "BrainAmp",
	"CapManufacturer": "EasyCap",
	"SoftwareVersions": "n/a",
	"HardwareFilters": "n/a",
	"TaskDescription": "[auditory stream segregation with oddball] within-subject comparison Trial duration: 90.0s, SOA: {'ASME-4stream_overall': 150.0, 'ASME-2stream_overall': 300.0, 'within_stream': 600.0}ms.",
	"Instructions": "focus selectively on deviant stimuli in one of the streams and count target deviant stimuli",
	"CogAtlasID": "https://www.cognitiveatlas.org/task/id/tsk_GxjZBNiJorj1K/",
	"InstitutionName": "Shibaura Institute of Technology",
	"InstitutionAddress": "Tokyo, Japan",
	"InstitutionalDepartmentName": "Graduate School of Engineering and Science (Simon Kojima); College of Engineering (Shin'ichiro Kanoh)",
	"CapManufacturersModelName": "n/a",
	"SubjectArtefactDescription": "n/a",
	"DeviceSerialNumber": "n/a",
	"Description": "Four-class ASME BCI investigation comparing two strategies for multiclassing: ASME-4stream (four streams with single target stimulus each) vs ASME-2stream (two streams with two target stimuli each)",
	"MISCChannelCount": 0
}